GEM
  remote: http://rubygems.org/
  specs:
    activemodel (3.1.1)
      activesupport (= 3.1.1)
      builder (~> 3.0.0)
      i18n (~> 0.6)
    activesupport (3.1.1)
      multi_json (~> 1.0)
    addressable (2.2.6)
    bson (1.4.0)
    bson_ext (1.4.0)
    builder (3.0.0)
    diff-lcs (1.1.3)
    faraday (0.6.1)
      addressable (~> 2.2.4)
      multipart-post (~> 1.1.0)
      rack (>= 1.1.0, < 2)
    guestlist (0.0.1)
      httparty (>= 0.5.2)
    httparty (0.8.1)
      multi_json
      multi_xml
    i18n (0.6.0)
    json (1.6.1)
    mime-types (1.16)
    mongo (1.4.0)
      bson (= 1.4.0)
    mongo_mapper (0.9.2)
      activemodel (~> 3.0)
      activesupport (~> 3.0)
      plucky (~> 0.3.8)
    multi_json (1.0.3)
    multi_xml (0.4.1)
    multipart-post (1.1.3)
    oauth2 (0.4.1)
      faraday (~> 0.6.1)
      multi_json (>= 0.0.5)
    plucky (0.3.8)
      mongo (~> 1.3)
    rack (1.3.4)
    rack-protection (1.1.4)
      rack
    rake (0.9.2)
    rest-client (1.6.7)
      mime-types (>= 1.16)
    rspec (2.7.0)
      rspec-core (~> 2.7.0)
      rspec-expectations (~> 2.7.0)
      rspec-mocks (~> 2.7.0)
    rspec-core (2.7.0)
    rspec-expectations (2.7.0)
      diff-lcs (~> 1.1.2)
    rspec-mocks (2.7.0)
    shotgun (0.9)
      rack (>= 1.0)
    sinatra (1.3.1)
      rack (~> 1.3, >= 1.3.4)
      rack-protection (~> 1.1, >= 1.1.2)
      tilt (~> 1.3, >= 1.3.3)
    sinatra_auth_github (0.1.4)
      rest-client (~> 1.6.1)
      sinatra (~> 1.0)
      warden-github (~> 0.1.1)
    tilt (1.3.3)
    warden (1.0.6)
      rack (>= 1.0)
    warden-github (0.1.1)
      json (~> 1.5)
      oauth2 (~> 0.4.1)
      warden (~> 1.0.4)

PLATFORMS
  ruby

DEPENDENCIES
  bson_ext
  guestlist
  mongo_mapper
  rack
  rake
  rspec
  shotgun
  sinatra
  sinatra_auth_github
